GEM
  remote: http://rubygems.org/
  specs:
    addressable (2.2.8)
    daemons (1.1.8)
    eventmachine (0.12.10)
    excon (0.13.4)
    haml (3.1.6)
    heroku (2.26.2)
      heroku-api (~> 0.2.1)
      launchy (>= 0.3.2)
      netrc (~> 0.7.2)
      rest-client (~> 1.6.1)
      rubyzip
    heroku-api (0.2.1)
      excon (~> 0.13.3)
    i18n (0.6.0)
    launchy (2.1.0)
      addressable (~> 2.2.6)
    mail (2.4.4)
      i18n (>= 0.4.0)
      mime-types (~> 1.16)
      treetop (~> 1.4.8)
    mime-types (1.18)
    netrc (0.7.2)
    polyglot (0.3.3)
    pony (1.4)
      mail (> 2.0)
    rack (1.4.1)
    rack-protection (1.2.0)
      rack
    rest-client (1.6.7)
      mime-types (>= 1.16)
    rubyzip (0.9.8)
    sinatra (1.3.2)
      rack (~> 1.3, >= 1.3.6)
      rack-protection (~> 1.2)
      tilt (~> 1.3, >= 1.3.3)
    thin (1.3.1)
      daemons (>= 1.0.9)
      eventmachine (>= 0.12.6)
      rack (>= 1.0.0)
    tilt (1.3.3)
    treetop (1.4.10)
      polyglot
      polyglot (>= 0.3.1)

PLATFORMS
  ruby

DEPENDENCIES
  haml
  heroku
  pony
  sinatra
  thin
